PATH
  remote: .
  specs:
    march (0.0.1)

GEM
  specs:
    diff-lcs (1.1.2)
    midiator (0.5.1)
    rcov (0.9.9)
    rspec (2.5.0)
      rspec-core (~> 2.5.0)
      rspec-expectations (~> 2.5.0)
      rspec-mocks (~> 2.5.0)
    rspec-core (2.5.1)
    rspec-expectations (2.5.0)
      diff-lcs (~> 1.1.2)
    rspec-mocks (2.5.0)

PLATFORMS
  ruby

DEPENDENCIES
  march!
  midiator
  rcov
  rspec
